PATH
  remote: .
  specs:
    seatsio (51.15.0)
      base64 (>= 0.2, < 0.4)
      rest-client (~> 2.0, >= 2.0.2)

GEM
  remote: https://rubygems.org/
  specs:
    addressable (2.8.7)
      public_suffix (>= 2.0.2, < 7.0)
    base64 (0.3.0)
    bigdecimal (3.1.9)
    crack (1.0.0)
      bigdecimal
      rexml
    domain_name (0.6.20240107)
    hashdiff (1.1.2)
    http-accept (1.7.0)
    http-cookie (1.0.8)
      domain_name (~> 0.5)
    logger (1.7.0)
    mime-types (3.6.2)
      logger
      mime-types-data (~> 3.2015)
    mime-types-data (3.2025.0402)
    minitest (5.25.5)
    netrc (0.11.0)
    parallel (1.27.0)
    parallel_tests (5.4.0)
      parallel
    public_suffix (6.0.2)
    rake (13.3.0)
    rest-client (2.1.0)
      http-accept (>= 1.7.0, < 2.0)
      http-cookie (>= 1.0.2, < 2.0)
      mime-types (>= 1.16, < 4.0)
      netrc (~> 0.8)
    rexml (3.4.2)
    webmock (3.25.1)
      addressable (>= 2.8.0)
      crack (>= 0.3.2)
      hashdiff (>= 0.4.0, < 2.0.0)

PLATFORMS
  ruby

DEPENDENCIES
  bundler (~> 2.2)
  minitest (~> 5.0)
  parallel_tests (~> 5.4.0)
  rake (~> 13.0)
  seatsio!
  webmock (~> 3.4, >= 3.4.2)

BUNDLED WITH
   2.5.3
